GEM
  remote: http://rubygems.org/
  specs:
    mini_portile2 (2.4.0)
    nokogiri (1.10.0)
      mini_portile2 (~> 2.4.0)
    rubyXL (3.3.29)
      nokogiri (>= 1.4.4)
      rubyzip (>= 1.1.6)
    rubyzip (1.2.2)

PLATFORMS
  ruby

DEPENDENCIES
  rubyXL (= 3.3.29)

BUNDLED WITH
   1.17.1
